PATH
  remote: .
  specs:
    german_country_select (0.0.3)

GEM
  remote: https://rubygems.org/
  specs:

PLATFORMS
  ruby

DEPENDENCIES
  german_country_select!
